GEM
  remote: http://rubygems.org/
  specs:
    ZenTest (4.5.0)
    actionmailer (2.3.14)
      actionpack (= 2.3.14)
    actionpack (2.3.14)
      activesupport (= 2.3.14)
      rack (~> 1.1.0)
    activerecord (2.3.14)
      activesupport (= 2.3.14)
    activeresource (2.3.14)
      activesupport (= 2.3.14)
    activesupport (2.3.14)
    autotest-rails (4.1.1)
      ZenTest (= 4.5)
    babosa (0.3.5)
    builder (3.0.0)
    cocaine (0.3.0)
    cucumber (1.1.4)
      builder (>= 2.1.2)
      diff-lcs (>= 1.1.2)
      gherkin (~> 2.7.1)
      json (>= 1.4.6)
      term-ansicolor (>= 1.0.6)
    diff-lcs (1.1.3)
    fakeweb (1.3.0)
    fastercsv (1.5.4)
    friendly_id (3.2.1.1)
      babosa (~> 0.3.0)
    gherkin (2.7.1)
      json (>= 1.4.6)
    hoe (2.8.0)
      rake (>= 0.8.7)
    hoe-git (1.4.1)
      hoe (>= 2.2.0)
    json (1.6.4)
    mime-types (1.19)
    nokogiri (1.5.0)
    paperclip (2.7.0)
      activerecord (>= 2.3.0)
      activesupport (>= 2.3.2)
      cocaine (>= 0.0.2)
      mime-types
    rack (1.1.3)
    rack-test (0.6.1)
      rack (>= 1.0)
    rails (2.3.14)
      actionmailer (= 2.3.14)
      actionpack (= 2.3.14)
      activerecord (= 2.3.14)
      activeresource (= 2.3.14)
      activesupport (= 2.3.14)
      rake (>= 0.8.3)
    rake (0.9.2.2)
    redmine_plugin_support (0.0.5)
    rspec (1.3.2)
    rspec-rails (1.3.4)
      rack (>= 1.0.0)
      rspec (~> 1.3.1)
    rubytree (0.5.3)
    shoulda (2.11.3)
    sqlite3-ruby (1.2.5)
    term-ansicolor (1.0.7)
    webrat (0.7.3)
      nokogiri (>= 1.2.0)
      rack (>= 1.0)
      rack-test (>= 0.5.3)

PLATFORMS
  ruby

DEPENDENCIES
  ZenTest
  autotest-rails (~> 4.1.0)
  cucumber
  fakeweb
  fastercsv
  friendly_id (~> 3.2.1)
  hoe (~> 2.8.0)
  hoe-git
  paperclip (~> 2.7)
  rails (= 2.3.14)
  redmine_plugin_support
  rspec (~> 1.3)
  rspec-rails
  rubytree (~> 0.5.2)
  shoulda
  sqlite3-ruby (< 1.3)
  webrat
